GEM
  remote: https://rubygems.org/
  specs:
    byebug (9.0.6)
    faraday (0.12.0.1)
      multipart-post (>= 1.2, < 3)
    hashie (3.5.5)
    httparty (0.14.0)
      multi_xml (>= 0.5.2)
    json (2.0.4)
    minitest (5.10.1)
    multi_xml (0.6.0)
    multipart-post (2.0.0)
    rake (11.3.0)
    wordsmith-ruby-sdk (1.0.5)
      faraday (~> 0.9)
      hashie (~> 3.4)

PLATFORMS
  ruby

DEPENDENCIES
  byebug
  httparty
  json
  minitest
  rake
  wordsmith-ruby-sdk

BUNDLED WITH
   1.13.6
